PATH
  remote: .
  specs:
    ft_wikipedia (0.1.0)
      minitest (~> 5.14.4)
      nokogiri (~> 1.11.6)
      rake (~> 13.0.3)

GEM
  remote: https://rubygems.org/
  specs:
    minitest (5.14.4)
    nokogiri (1.11.6-x86_64-darwin)
      racc (~> 1.4)
    nokogiri (1.11.6-x86_64-linux)
      racc (~> 1.4)
    racc (1.5.2)
    rake (13.0.3)

PLATFORMS
  x86_64-darwin-19
  x86_64-linux

DEPENDENCIES
  ft_wikipedia!

BUNDLED WITH
   2.3.9
