PATH
  remote: .
  specs:
    deepthought (0.0.1)
      colorize (~> 0.8.1)
      minitest (~> 5.14.4)
      rake (~> 13.0.3)

GEM
  remote: https://rubygems.org/
  specs:
    colorize (0.8.1)
    minitest (5.14.4)
    rake (13.0.3)

PLATFORMS
  x86_64-darwin-19
  x86_64-linux

DEPENDENCIES
  deepthought!

BUNDLED WITH
   2.3.9
